GEM
  remote: https://rubygems.org/
  specs:
    rack (1.6.4)
    rack-protection (1.5.3)
      rack
    secure_headers (2.2.2)
      user_agent_parser
    sinatra (1.4.6)
      rack (~> 1.4)
      rack-protection (~> 1.4)
      tilt (>= 1.3, < 3)
    tilt (2.0.1)
    user_agent_parser (2.2.0)

PLATFORMS
  ruby

DEPENDENCIES
  secure_headers
  sinatra

BUNDLED WITH
   1.10.6
